GIT
  remote: git://github.com/livingsocial/rake-pipeline.git
  revision: 65b1e744defa208e313703d89f3453447cc103b2
  specs:
    rake-pipeline (0.8.0)
      json
      rake (~> 10.0.0)
      thor

GIT
  remote: git://github.com/wycats/rake-pipeline-web-filters.git
  revision: 0cd46c6a2640de6a78c986e8b901c0907de0d89d
  specs:
    rake-pipeline-web-filters (0.6.0)
      rack
      rake-pipeline (~> 0.6)

GEM
  remote: https://rubygems.org/
  specs:
    POpen4 (0.1.4)
      Platform (>= 0.4.0)
      open4
    Platform (0.4.0)
    coffee-script (2.2.0)
      coffee-script-source
      execjs
    coffee-script-source (1.6.2)
    colored (1.2)
    commonjs (0.2.6)
    execjs (1.4.0)
      multi_json (~> 1.0)
    jshintrb (0.2.1)
      execjs
      multi_json (>= 1.3)
      rake
    json (1.7.7)
    less (2.2.2)
      commonjs (~> 0.2.6)
    libv8 (3.11.8.17)
    multi_json (1.7.3)
    open4 (1.3.0)
    rack (1.5.2)
    rake (10.0.4)
    rake-pipeline-i18n-filters (0.0.5)
      rake-pipeline (~> 0.6)
    ref (1.0.4)
    therubyracer (0.11.4)
      libv8 (~> 3.11.8.12)
      ref
    thor (0.18.1)
    tilt (1.4.1)
    uglifier (2.1.0)
      execjs (>= 0.3.0)
      multi_json (~> 1.0, >= 1.0.2)
    yui-compressor (0.9.6)
      POpen4 (>= 0.1.4)

PLATFORMS
  ruby

DEPENDENCIES
  coffee-script
  colored
  execjs
  jshintrb
  less (~> 2.2.2)
  rack
  rake-pipeline!
  rake-pipeline-i18n-filters
  rake-pipeline-web-filters!
  therubyracer (~> 0.11.2)
  tilt
  uglifier
  yui-compressor
